GEM
  remote: https://rubygems.org/
  specs:
    ansi (1.4.3)
    builder (3.0.0)
    daemons (1.1.9)
    eventmachine (0.12.10)
    ffi (1.1.4)
    growl (1.0.3)
    guard (1.2.3)
      listen (>= 0.4.2)
      thor (>= 0.14.6)
    guard-minitest (0.5.0)
      guard (>= 0.4)
    hashie (1.2.0)
    listen (0.4.7)
      rb-fchange (~> 0.0.5)
      rb-fsevent (~> 0.9.1)
      rb-inotify (~> 0.8.8)
    minitest (3.3.0)
    minitest-reporters (0.9.0)
      ansi
      builder
      minitest (>= 2.0, < 4.0)
      powerbar
    minitest-spec (0.0.2.1)
      minitest (>= 3.0)
    powerbar (1.0.8)
      ansi (~> 1.4.0)
      hashie (>= 1.1.0)
    querinator (0.0.2)
      rake (~> 0.9.2)
    rack (1.5.4)
    rack-protection (1.5.5)
      rack
    rake (0.9.2.2)
    rb-fchange (0.0.5)
      ffi
    rb-fsevent (0.9.1)
    rb-inotify (0.8.8)
      ffi (>= 0.5.0)
    sinatra (1.3.2)
      rack (~> 1.3, >= 1.3.6)
      rack-protection (~> 1.5.5)
      tilt (~> 1.3, >= 1.3.3)
    thin (1.4.1)
      daemons (>= 1.0.9)
      eventmachine (>= 0.12.6)
      rack (>= 1.0.0)
    thor (0.15.4)
    tilt (1.3.3)
    turn (0.9.6)
      ansi
    warcards (0.0.3)
      bundler (~> 1.1)
      querinator
      rake (~> 0.9.2)

PLATFORMS
  ruby

DEPENDENCIES
  bundler (~> 1.1)
  growl (~> 1.0.3)
  guard (~> 1.2.3)
  guard-minitest (~> 0.5.0)
  minitest-reporters (~> 0.9.0)
  minitest-spec (~> 0.0.2)
  rake (~> 0.9.2)
  rb-fsevent (~> 0.9.1)
  sinatra (~> 1.3)
  thin (~> 1.4.1)
  turn (~> 0.9.6)
  warcards
