PATH
  remote: .
  specs:
    web_warcards (0.0.1)
      bundler (~> 1.1)
      rake (~> 0.9.2)
      sinatra (~> 1.3)
      thin (~> 1.4)
      warcards (~> 0.0.5)

GEM
  remote: https://rubygems.org/
  specs:
    addressable (2.3.2)
    ansi (1.4.3)
    backports (2.6.4)
    builder (3.1.3)
    childprocess (0.3.5)
      ffi (~> 1.0, >= 1.0.6)
    commonwatir (3.0.0)
    cucumber (1.2.1)
      builder (>= 2.1.2)
      diff-lcs (>= 1.1.3)
      gherkin (~> 2.11.0)
      json (>= 1.4.6)
    daemons (1.1.9)
    diff-lcs (1.1.3)
    eventmachine (1.0.0)
    eventmachine (1.0.0-x86-mingw32)
    ffi (1.1.5)
    firewatir (1.9.4)
      commonwatir (>= 1.9.2)
    gherkin (2.11.2)
      json (>= 1.4.6)
    gherkin (2.11.2-x86-mingw32)
      json (>= 1.4.6)
    growl (1.0.3)
    guard (1.2.3)
      listen (>= 0.4.2)
      thor (>= 0.14.6)
    guard-minitest (0.5.0)
      guard (>= 0.4)
    json (1.7.5)
    libwebsocket (0.1.5)
      addressable
    listen (0.5.0)
    minitest (3.3.0)
    minitest-spec (0.0.2.1)
      minitest (>= 3.0)
    multi_json (1.3.6)
    nokogiri (1.5.5)
    nokogiri (1.5.5-x86-mingw32)
    querinator (0.0.2)
      rake (~> 0.9.2)
    rack (1.4.1)
    rack-protection (1.2.0)
      rack
    rack-test (0.6.1)
      rack (>= 1.0)
    rake (0.9.2.2)
    rb-fsevent (0.9.1)
    rubyzip (0.9.9)
    selenium-webdriver (2.25.0)
      childprocess (>= 0.2.5)
      libwebsocket (~> 0.1.3)
      multi_json (~> 1.0)
      rubyzip
    shotgun (0.9)
      rack (>= 1.0)
    sinatra (1.3.3)
      rack (~> 1.3, >= 1.3.6)
      rack-protection (~> 1.2)
      tilt (~> 1.3, >= 1.3.3)
    sinatra-contrib (1.3.1)
      backports (>= 2.0)
      eventmachine
      rack-protection
      rack-test
      sinatra (~> 1.3.0)
      tilt (~> 1.3)
    sinatra-reloader (1.0)
      sinatra-contrib
    thin (1.4.1)
      daemons (>= 1.0.9)
      eventmachine (>= 0.12.6)
      rack (>= 1.0.0)
    thor (0.16.0)
    tilt (1.3.3)
    turn (0.9.6)
      ansi
    warcards (0.0.5)
      bundler (~> 1.1)
      querinator
      rake (~> 0.9.2)
    watir-webdriver (0.6.1)
      selenium-webdriver (>= 2.18.0)

PLATFORMS
  ruby
  x86-mingw32

DEPENDENCIES
  cucumber
  firewatir
  growl (~> 1.0.3)
  guard (~> 1.2.3)
  guard-minitest (~> 0.5.0)
  minitest-spec (~> 0.0.2)
  nokogiri
  rack-test
  rb-fsevent (~> 0.9.1)
  shotgun
  sinatra-reloader
  turn (~> 0.9.6)
  watir-webdriver
  web_warcards!
